GEM
  remote: https://rubygems.org/
  specs:
    concurrent-ruby (1.1.4)
    connection_pool (2.2.2)
    et-orbi (1.1.7)
      tzinfo
    fugit (1.1.8)
      et-orbi (~> 1.1, >= 1.1.7)
      raabro (~> 1.1)
    raabro (1.1.6)
    rack (2.0.6)
    rack-protection (2.0.5)
      rack
    redis (4.1.0)
    rufus-scheduler (3.5.2)
      fugit (~> 1.1, >= 1.1.5)
    sidekiq (5.2.5)
      connection_pool (~> 2.2, >= 2.2.2)
      rack (>= 1.5.0)
      rack-protection (>= 1.5.0)
      redis (>= 3.3.5, < 5)
    sidekiq-scheduler (3.0.0)
      redis (>= 3, < 5)
      rufus-scheduler (~> 3.2)
      sidekiq (>= 3)
      tilt (>= 1.4.0)
    tilt (2.0.9)
    tzinfo (2.0.0)
      concurrent-ruby (~> 1.0)

PLATFORMS
  ruby

DEPENDENCIES
  sidekiq
  sidekiq-scheduler

RUBY VERSION
   ruby 2.5.3p105

BUNDLED WITH
   2.0.1
